GIT
  remote: git://github.com/pry/pry.git
  revision: f2d6a926f9e3cb0de0b36733168df2baf440878f
  specs:
    pry (0.9.11)
      coderay (~> 1.0.5)
      method_source (~> 0.8)
      slop (~> 3.3.1)

PATH
  remote: .
  specs:
    pry-full18 (1.0)
      pry-awesome_print
      pry-doc
      pry-editline
      pry-git
      pry-highlight
      pry-pretty-numeric
      pry-remote
      pry-rescue
      pry-syntax-hacks
      pry-theme

GEM
  remote: http://rubygems.org/
  specs:
    awesome_print (1.1.0)
    coderay (1.0.8)
    diff-lcs (1.1.3)
    diffy (2.1.0)
    grit (2.5.0)
      diff-lcs (~> 1.1)
      mime-types (~> 1.15)
      posix-spawn (~> 0.3.6)
    interception (0.3)
    json (1.7.5)
    method_source (0.8.1)
    mime-types (1.19)
    nokogiri (1.5.5)
    posix-spawn (0.3.6)
    pry-awesome_print (9.6.5)
      awesome_print (~> 1.1.0)
    pry-doc (0.4.4)
      pry (>= 0.9.9.6)
      yard (~> 0.8.1)
    pry-editline (1.1.1)
    pry-git (0.2.3)
      diffy
      grit
      pry (>= 0.9.8)
    pry-highlight (0.0.1)
      coderay
      json
      nokogiri
      pry
    pry-pretty-numeric (0.1.1)
      pry
    pry-remote (0.1.6)
      pry (~> 0.9)
      slop (~> 3.0)
    pry-rescue (0.13)
      interception (>= 0.3)
      pry
    pry-syntax-hacks (0.0.6)
      pry (>= 0.9.8)
    pry-theme (0.1.3)
      json
    slop (3.3.3)
    yard (0.8.3)

PLATFORMS
  ruby

DEPENDENCIES
  pry!
  pry-full18!
